GEM
  remote: https://rubygems.org/
  specs:
    json (1.8.1)
    parallel (0.9.2)

PLATFORMS
  ruby

DEPENDENCIES
  json
  parallel
